GEM
  remote: https://rubygems.org/
  specs:
    diff-lcs (1.2.5)
    digitalocean (1.0.5)
      faraday (~> 0.8.9)
      faraday_middleware (~> 0.9.0)
      recursive-open-struct (~> 0.4.5)
    faraday (0.8.9)
      multipart-post (~> 1.2.0)
    faraday_middleware (0.9.0)
      faraday (>= 0.7.4, < 0.9)
    highline (1.6.21)
    multipart-post (1.2.0)
    net-ssh (2.8.0)
    rake (10.2.2)
    recursive-open-struct (0.4.5)
    rspec (2.14.1)
      rspec-core (~> 2.14.0)
      rspec-expectations (~> 2.14.0)
      rspec-mocks (~> 2.14.0)
    rspec-core (2.14.8)
    rspec-expectations (2.14.5)
      diff-lcs (>= 1.1.3, < 2.0)
    rspec-mocks (2.14.6)
    serverspec (1.1.0)
      highline
      net-ssh
      rspec (~> 2.13)
      specinfra (>= 1.0.0)
    specinfra (1.0.4)

PLATFORMS
  ruby

DEPENDENCIES
  digitalocean
  rake
  serverspec
